GEM
  remote: https://rubygems.org/
  specs:
    git (1.3.0)
    mustermann (1.0.2)
    puma (3.11.3)
    rack (2.0.4)
    rack-protection (2.0.1)
      rack
    sinatra (2.0.1)
      mustermann (~> 1.0)
      rack (~> 2.0)
      rack-protection (= 2.0.1)
      tilt (~> 2.0)
    tilt (2.0.8)

PLATFORMS
  ruby

DEPENDENCIES
  git (~> 1.3)
  puma (~> 3.11)
  sinatra (~> 2.0)

BUNDLED WITH
   1.13.6
